GIT
  remote: https://github.com/ihsaneddin/grape_api
  revision: 031bbc4133ad592d6f96948724ff13c00608ca7e
  tag: v2.0.0
  specs:
    grape_api (2.0.0)
      grape
      grape-entity (~> 0.8.0)
      grape_on_rails_routes (~> 0.3.2)
      rails (~> 7.0.0)

GIT
  remote: https://github.com/ihsaneddin/support
  revision: 2fcabc67ace800061f04d3a6f12769d69accc4e1
  tag: v2.0.0
  specs:
    support (2.0.0)
      aasm
      activerecord-import
      fastimage (~> 2.2.3)
      image_processing (~> 1.2)
      marcel (~> 1.0.2)
      rails (~> 7.0.0)
      ranked-model (~> 0.4.8)
      roo (~> 2.9.0)
      roo-xls
      shrine (~> 3.4.0)

GIT
  remote: https://github.com/mongoid/mongoid_search.git
  revision: 4a8a528ec8e436ff9c86b8c18948b4785099743c
  specs:
    mongoid_search (0.4.0)
      fast-stemmer (~> 1.0.0)
      mongoid (>= 5.0.0)

PATH
  remote: .
  specs:
    document (2.0.0)
      activeentity (>= 6.1.0)
      grape_api (>= 2.0.0)
      keisan
      mongoid
      mongoid-geospatial
      mongoid_search
      options_model
      rails (~> 7.0.3)
      ranked-model (~> 0.4.7)
      support (>= 2.0.0)
      validates_timeliness (~> 6.0.0.alpha1)

GEM
  remote: https://rubygems.org/
  specs:
    aasm (5.4.0)
      concurrent-ruby (~> 1.0)
    actioncable (7.0.4.1)
      actionpack (= 7.0.4.1)
      activesupport (= 7.0.4.1)
      nio4r (~> 2.0)
      websocket-driver (>= 0.6.1)
    actionmailbox (7.0.4.1)
      actionpack (= 7.0.4.1)
      activejob (= 7.0.4.1)
      activerecord (= 7.0.4.1)
      activestorage (= 7.0.4.1)
      activesupport (= 7.0.4.1)
      mail (>= 2.7.1)
      net-imap
      net-pop
      net-smtp
    actionmailer (7.0.4.1)
      actionpack (= 7.0.4.1)
      actionview (= 7.0.4.1)
      activejob (= 7.0.4.1)
      activesupport (= 7.0.4.1)
      mail (~> 2.5, >= 2.5.4)
      net-imap
      net-pop
      net-smtp
      rails-dom-testing (~> 2.0)
    actionpack (7.0.4.1)
      actionview (= 7.0.4.1)
      activesupport (= 7.0.4.1)
      rack (~> 2.0, >= 2.2.0)
      rack-test (>= 0.6.3)
      rails-dom-testing (~> 2.0)
      rails-html-sanitizer (~> 1.0, >= 1.2.0)
    actiontext (7.0.4.1)
      actionpack (= 7.0.4.1)
      activerecord (= 7.0.4.1)
      activestorage (= 7.0.4.1)
      activesupport (= 7.0.4.1)
      globalid (>= 0.6.0)
      nokogiri (>= 1.8.5)
    actionview (7.0.4.1)
      activesupport (= 7.0.4.1)
      builder (~> 3.1)
      erubi (~> 1.4)
      rails-dom-testing (~> 2.0)
      rails-html-sanitizer (~> 1.1, >= 1.2.0)
    activeentity (6.3.0)
      activemodel (>= 6.0, < 8)
      activesupport (>= 6.0, < 8)
    activejob (7.0.4.1)
      activesupport (= 7.0.4.1)
      globalid (>= 0.3.6)
    activemodel (7.0.4.1)
      activesupport (= 7.0.4.1)
    activerecord (7.0.4.1)
      activemodel (= 7.0.4.1)
      activesupport (= 7.0.4.1)
    activerecord-import (1.4.1)
      activerecord (>= 4.2)
    activestorage (7.0.4.1)
      actionpack (= 7.0.4.1)
      activejob (= 7.0.4.1)
      activerecord (= 7.0.4.1)
      activesupport (= 7.0.4.1)
      marcel (~> 1.0)
      mini_mime (>= 1.1.0)
    activesupport (7.0.4.1)
      concurrent-ruby (~> 1.0, >= 1.0.2)
      i18n (>= 1.6, < 2)
      minitest (>= 5.1)
      tzinfo (~> 2.0)
    addressable (2.8.1)
      public_suffix (>= 2.0.2, < 6.0)
    bson (4.15.0)
    builder (3.2.4)
    cmath (1.0.0)
    concurrent-ruby (1.1.10)
    content_disposition (1.0.0)
    crass (1.0.6)
    date (3.3.3)
    down (5.4.0)
      addressable (~> 2.8)
    dry-core (1.0.0)
      concurrent-ruby (~> 1.0)
      zeitwerk (~> 2.6)
    dry-inflector (1.0.0)
    dry-logic (1.5.0)
      concurrent-ruby (~> 1.0)
      dry-core (~> 1.0, < 2)
      zeitwerk (~> 2.6)
    dry-types (1.7.0)
      concurrent-ruby (~> 1.0)
      dry-core (~> 1.0, < 2)
      dry-inflector (~> 1.0, < 2)
      dry-logic (>= 1.4, < 2)
      zeitwerk (~> 2.6)
    erubi (1.12.0)
    fast-stemmer (1.0.2)
    fastimage (2.2.6)
    ffi (1.15.5)
    globalid (1.0.1)
      activesupport (>= 5.0)
    grape (1.7.0)
      activesupport
      builder
      dry-types (>= 1.1)
      mustermann-grape (~> 1.0.0)
      rack (>= 1.3.0)
      rack-accept
    grape-entity (0.8.2)
      activesupport (>= 3.0.0)
      multi_json (>= 1.3.2)
    grape_on_rails_routes (0.3.2)
      rails (>= 3.1.1)
    i18n (1.12.0)
      concurrent-ruby (~> 1.0)
    image_processing (1.12.2)
      mini_magick (>= 4.9.5, < 5)
      ruby-vips (>= 2.0.17, < 3)
    keisan (0.9.1)
      cmath (~> 1.0)
    loofah (2.19.1)
      crass (~> 1.0.2)
      nokogiri (>= 1.5.9)
    mail (2.8.0.1)
      mini_mime (>= 0.1.1)
      net-imap
      net-pop
      net-smtp
    marcel (1.0.2)
    method_source (1.0.0)
    mini_magick (4.12.0)
    mini_mime (1.1.2)
    mini_portile2 (2.8.1)
    minitest (5.17.0)
    mongo (2.18.1)
      bson (>= 4.14.1, < 5.0.0)
    mongoid (8.0.2)
      activemodel (>= 5.1, < 7.1, != 7.0.0)
      mongo (>= 2.18.0, < 3.0.0)
      ruby2_keywords (~> 0.0.5)
    mongoid-geospatial (5.1.0)
      mongoid (>= 4.0.0)
    multi_json (1.15.0)
    mustermann (3.0.0)
      ruby2_keywords (~> 0.0.1)
    mustermann-grape (1.0.2)
      mustermann (>= 1.0.0)
    net-imap (0.3.4)
      date
      net-protocol
    net-pop (0.1.2)
      net-protocol
    net-protocol (0.2.1)
      timeout
    net-smtp (0.3.3)
      net-protocol
    nio4r (2.5.8)
    nokogiri (1.14.0)
      mini_portile2 (~> 2.8.0)
      racc (~> 1.4)
    options_model (0.0.18)
      activemodel (>= 5, < 8)
      activesupport (>= 5, < 8)
      psych (>= 3.2)
    psych (3.3.4)
    public_suffix (5.0.1)
    racc (1.6.2)
    rack (2.2.6.2)
    rack-accept (0.4.5)
      rack (>= 0.4)
    rack-test (2.0.2)
      rack (>= 1.3)
    rails (7.0.4.1)
      actioncable (= 7.0.4.1)
      actionmailbox (= 7.0.4.1)
      actionmailer (= 7.0.4.1)
      actionpack (= 7.0.4.1)
      actiontext (= 7.0.4.1)
      actionview (= 7.0.4.1)
      activejob (= 7.0.4.1)
      activemodel (= 7.0.4.1)
      activerecord (= 7.0.4.1)
      activestorage (= 7.0.4.1)
      activesupport (= 7.0.4.1)
      bundler (>= 1.15.0)
      railties (= 7.0.4.1)
    rails-dom-testing (2.0.3)
      activesupport (>= 4.2.0)
      nokogiri (>= 1.6)
    rails-html-sanitizer (1.4.4)
      loofah (~> 2.19, >= 2.19.1)
    railties (7.0.4.1)
      actionpack (= 7.0.4.1)
      activesupport (= 7.0.4.1)
      method_source
      rake (>= 12.2)
      thor (~> 1.0)
      zeitwerk (~> 2.5)
    rake (13.0.6)
    ranked-model (0.4.8)
      activerecord (>= 4.2)
    roo (2.9.0)
      nokogiri (~> 1)
      rubyzip (>= 1.3.0, < 3.0.0)
    roo-xls (1.2.0)
      nokogiri
      roo (>= 2.0.0, < 3)
      spreadsheet (> 0.9.0)
    ruby-ole (1.2.12.2)
    ruby-vips (2.1.4)
      ffi (~> 1.12)
    ruby2_keywords (0.0.5)
    rubyzip (2.3.2)
    shrine (3.4.0)
      content_disposition (~> 1.0)
      down (~> 5.1)
    spreadsheet (1.3.0)
      ruby-ole
    sqlite3 (1.4.4)
    thor (1.2.1)
    timeliness (0.4.4)
    timeout (0.3.1)
    tzinfo (2.0.5)
      concurrent-ruby (~> 1.0)
    validates_timeliness (6.0.0.alpha1)
      timeliness (>= 0.3.10, < 1)
    websocket-driver (0.7.5)
      websocket-extensions (>= 0.1.0)
    websocket-extensions (0.1.5)
    zeitwerk (2.6.6)

PLATFORMS
  ruby

DEPENDENCIES
  activeentity
  document!
  grape_api!
  keisan
  mongoid
  mongoid-geospatial
  mongoid_search!
  psych (< 4)
  ranked-model (~> 0.4.8)
  sqlite3
  support!
  validates_timeliness (~> 6.0.0.alpha1)

BUNDLED WITH
   2.1.4
